GEM
  remote: https://rubygems.org/
  specs:
    backports (3.6.8)
    bcrypt (3.1.11)
    coderay (1.1.1)
    erubis (2.7.0)
    method_source (0.8.2)
    minitest (5.8.3)
    multi_json (1.12.1)
    pry (0.10.3)
      coderay (~> 1.1.0)
      method_source (~> 0.8.1)
      slop (~> 3.4)
    pry-rails (0.3.4)
      pry (>= 0.9.10)
    rack (1.6.4)
    rack-protection (1.5.3)
      rack
    rack-test (0.6.3)
      rack (>= 1.0)
    redcarpet (3.3.4)
    sinatra (1.4.7)
      rack (~> 1.5)
      rack-protection (~> 1.4)
      tilt (>= 1.3, < 3)
    sinatra-contrib (1.4.7)
      backports (>= 2.0)
      multi_json
      rack-protection
      rack-test
      sinatra (~> 1.4.0)
      tilt (>= 1.3, < 3)
    slop (3.6.0)
    tilt (2.0.4)

PLATFORMS
  ruby

DEPENDENCIES
  bcrypt
  erubis
  minitest
  pry-rails
  redcarpet
  sinatra
  sinatra-contrib

RUBY VERSION
   ruby 2.3.1p112

BUNDLED WITH
   1.12.5
